GEM
  remote: https://rubygems.org/
  specs:
    gsl (2.1.0.1)
    haml (4.0.7)
      tilt
    nyaplot (0.1.6)
    rack (1.6.5)
    rack-protection (1.5.3)
      rack
    sinatra (1.4.7)
      rack (~> 1.5)
      rack-protection (~> 1.4)
      tilt (>= 1.3, < 3)
    tilt (2.0.5)

PLATFORMS
  ruby

DEPENDENCIES
  gsl
  haml
  nyaplot
  sinatra

BUNDLED WITH
   1.13.6
