GEM
  remote: https://rubygems.org/
  specs:
    gsl (2.1.0.1)
    nyaplot (0.1.6)

PLATFORMS
  ruby

DEPENDENCIES
  gsl
  nyaplot

BUNDLED WITH
   1.13.6
